GEM
  remote: https://rubygems.org/
  specs:
    bcrypt_pbkdf (1.1.0)
    ed25519 (1.3.0)
    net-ssh (7.0.1)

PLATFORMS
  universal-darwin-22

DEPENDENCIES
  bcrypt_pbkdf (~> 1.1)
  ed25519 (~> 1.3)
  net-ssh (~> 7.0)

BUNDLED WITH
   2.3.9
